GEM
  remote: https://rubygems.org/
  specs:
    bourbon (3.1.8)
      sass (>= 3.2.0)
      thor
    kgio (2.8.1)
    rack (1.5.2)
    raindrops (0.12.0)
    rb-fsevent (0.9.3)
    sass (3.2.12)
    thor (0.18.1)
    unicorn (4.6.3)
      kgio (~> 2.6)
      rack
      raindrops (~> 0.7)

PLATFORMS
  ruby

DEPENDENCIES
  bourbon
  rack
  rb-fsevent
  sass
  unicorn
