GEM
  remote: https://rubygems.org/
  specs:
    bourbon (4.2.3)
      sass (~> 3.4)
      thor
    kgio (2.9.3)
    rack (1.6.2)
    rack-force_domain (0.3.0)
    rack-server-pages (0.0.6)
      rack
    raindrops (0.13.0)
    rb-fsevent (0.9.5)
    sass (3.4.14)
    thor (0.19.1)
    unicorn (4.9.0)
      kgio (~> 2.6)
      rack
      raindrops (~> 0.7)

PLATFORMS
  ruby

DEPENDENCIES
  bourbon
  rack
  rack-force_domain
  rack-server-pages
  rb-fsevent
  sass
  unicorn

BUNDLED WITH
   1.10.4
